PATH
  remote: .
  specs:
    factory_bot_rails (5.1.1)
      factory_bot (~> 5.1.0)
      railties (>= 4.2.0)

GEM
  remote: https://rubygems.org/
  specs:
    actionpack (6.0.2.2)
      actionview (= 6.0.2.2)
      activesupport (= 6.0.2.2)
      rack (~> 2.0, >= 2.0.8)
      rack-test (>= 0.6.3)
      rails-dom-testing (~> 2.0)
      rails-html-sanitizer (~> 1.0, >= 1.2.0)
    actionview (6.0.2.2)
      activesupport (= 6.0.2.2)
      builder (~> 3.1)
      erubi (~> 1.4)
      rails-dom-testing (~> 2.0)
      rails-html-sanitizer (~> 1.1, >= 1.2.0)
    activesupport (6.0.2.2)
      concurrent-ruby (~> 1.0, >= 1.0.2)
      i18n (>= 0.7, < 2)
      minitest (~> 5.1)
      tzinfo (~> 1.1)
      zeitwerk (~> 2.2)
    appraisal (2.2.0)
      bundler
      rake
      thor (>= 0.14.0)
    aruba (0.14.14)
      childprocess (>= 0.6.3, < 4.0.0)
      contracts (~> 0.9)
      cucumber (>= 1.3.19)
      ffi (~> 1.9)
      rspec-expectations (>= 2.99)
      thor (>= 0.19, < 2.0)
    ast (2.4.0)
    builder (3.2.4)
    childprocess (3.0.0)
    concurrent-ruby (1.1.6)
    contracts (0.16.0)
    crass (1.0.6)
    cucumber (1.3.19)
      builder (>= 2.1.2)
      diff-lcs (>= 1.1.3)
      gherkin (~> 2.12)
      multi_json (>= 1.7.5, < 2.0)
      multi_test (>= 0.1.2)
    diff-lcs (1.3)
    erubi (1.9.0)
    factory_bot (5.1.2)
      activesupport (>= 4.2.0)
    ffi (1.12.2)
    ffi (1.12.2-java)
    gherkin (2.12.2)
      multi_json (~> 1.3)
    gherkin (2.12.2-java)
      multi_json (~> 1.3)
    i18n (1.8.2)
      concurrent-ruby (~> 1.0)
    loofah (2.4.0)
      crass (~> 1.0.2)
      nokogiri (>= 1.5.9)
    method_source (1.0.0)
    mini_portile2 (2.4.0)
    minitest (5.14.0)
    multi_json (1.14.1)
    multi_test (0.1.2)
    nokogiri (1.10.9)
      mini_portile2 (~> 2.4.0)
    nokogiri (1.10.9-java)
    parallel (1.19.1)
    parser (2.7.0.5)
      ast (~> 2.4.0)
    powerpack (0.1.2)
    rack (2.2.2)
    rack-test (1.1.0)
      rack (>= 1.0, < 3)
    rails-dom-testing (2.0.3)
      activesupport (>= 4.2.0)
      nokogiri (>= 1.6)
    rails-html-sanitizer (1.3.0)
      loofah (~> 2.3)
    railties (6.0.2.2)
      actionpack (= 6.0.2.2)
      activesupport (= 6.0.2.2)
      method_source
      rake (>= 0.8.7)
      thor (>= 0.20.3, < 2.0)
    rainbow (3.0.0)
    rake (13.0.1)
    rspec-core (3.9.1)
      rspec-support (~> 3.9.1)
    rspec-expectations (3.9.1)
      diff-lcs (>= 1.2.0, < 2.0)
      rspec-support (~> 3.9.0)
    rspec-mocks (3.9.1)
      diff-lcs (>= 1.2.0, < 2.0)
      rspec-support (~> 3.9.0)
    rspec-rails (4.0.0)
      actionpack (>= 4.2)
      activesupport (>= 4.2)
      railties (>= 4.2)
      rspec-core (~> 3.9)
      rspec-expectations (~> 3.9)
      rspec-mocks (~> 3.9)
      rspec-support (~> 3.9)
    rspec-support (3.9.2)
    rubocop (0.54.0)
      parallel (~> 1.10)
      parser (>= 2.5)
      powerpack (~> 0.1)
      rainbow (>= 2.2.2, < 4.0)
      ruby-progressbar (~> 1.7)
      unicode-display_width (~> 1.0, >= 1.0.1)
    ruby-progressbar (1.10.1)
    thor (1.0.1)
    thread_safe (0.3.6)
    thread_safe (0.3.6-java)
    tzinfo (1.2.6)
      thread_safe (~> 0.1)
    unicode-display_width (1.7.0)
    zeitwerk (2.3.0)

PLATFORMS
  java
  ruby

DEPENDENCIES
  appraisal
  aruba
  cucumber (= 1.3.19)
  factory_bot_rails!
  rake
  rspec-rails
  rubocop (= 0.54)

BUNDLED WITH
   2.1.4
